GIT
  remote: git://github.com/YenTheFirst/ruby-mp4info.git
  revision: 9399d0d814c88a7988e32d5d32a076ee48b8f72a
  specs:
    mp4info (1.7.3)

GEM
  remote: http://rubygems.org/
  specs:
    json (1.5.1)
    rack (1.2.1)
    ruby-mp3info (0.6.13)
    ruby-ogginfo (0.6)
    sinatra (1.1.2)
      rack (~> 1.1)
      tilt (~> 1.2)
    tilt (1.2.2)
    wmainfo-rb (0.6)

PLATFORMS
  ruby

DEPENDENCIES
  json
  mp4info!
  ruby-mp3info
  ruby-ogginfo
  sinatra
  wmainfo-rb
