GIT
  remote: git://github.com/YenTheFirst/ruby-mp4info.git
  revision: 9399d0d814c88a7988e32d5d32a076ee48b8f72a
  specs:
    mp4info (1.7.3)

GEM
  remote: http://rubygems.org/
  specs:
    addressable (2.2.6)
    faraday (0.6.1)
      addressable (~> 2.2.4)
      multipart-post (~> 1.1.0)
      rack (< 2, >= 1.1.0)
    faraday_middleware (0.6.5)
      faraday (~> 0.6.0)
    hashie (1.0.0)
    json (1.5.3)
    multi_json (1.0.3)
    multi_xml (0.2.2)
    multipart-post (1.1.2)
    rack (1.3.1)
    ruby-mp3info (0.6.15)
    ruby-ogginfo (0.6.5)
    simple_oauth (0.1.5)
    sinatra (1.2.6)
      rack (~> 1.1)
      tilt (< 2.0, >= 1.2.2)
    tilt (1.3.2)
    twitter (1.6.0)
      faraday (~> 0.6.1)
      faraday_middleware (~> 0.6.3)
      hashie (~> 1.0.0)
      multi_json (~> 1.0.0)
      multi_xml (~> 0.2.0)
      simple_oauth (~> 0.1.5)
    wmainfo-rb (0.6)

PLATFORMS
  ruby

DEPENDENCIES
  json
  mp4info!
  ruby-mp3info
  ruby-ogginfo
  sinatra
  twitter
  wmainfo-rb
